PATH
  remote: .
  specs:
    nose-cli (0.1.5)
      ansi-to-html (~> 0.0.3)
      descriptive_statistics (~> 2.5.1, >= 2.5.0)
      gruff (~> 0.7.0)
      nose (~> 0.1.4)
      representable (= 3.0.0)
      table_print (~> 1.5.6, >= 1.5.0)
      thor (~> 0.19.4)

GEM
  remote: https://rubygems.org/
  specs:
    addressable (2.7.0)
      public_suffix (>= 2.0.2, < 5.0)
    ansi-to-html (0.0.3)
    aruba (0.14.2)
      childprocess (~> 0.5.6)
      contracts (~> 0.9)
      cucumber (>= 1.3.19)
      ffi (~> 1.9.10)
      rspec-expectations (>= 2.99)
      thor (~> 0.19)
    binding_of_caller (0.7.3)
      debug_inspector (>= 0.0.1)
    bson (4.10.0)
    builder (3.2.2)
    cassandra-driver (3.2.4)
      ione (~> 1.2)
    childprocess (0.5.9)
      ffi (~> 1.0, >= 1.0.11)
    coderay (1.1.3)
    concurrent-ruby (1.1.6)
    contracts (0.14.0)
    cucumber (2.4.0)
      builder (>= 2.1.2)
      cucumber-core (~> 1.5.0)
      cucumber-wire (~> 0.0.1)
      diff-lcs (>= 1.1.3)
      gherkin (~> 4.0)
      multi_json (>= 1.7.5, < 2.0)
      multi_test (>= 0.1.2)
    cucumber-core (1.5.0)
      gherkin (~> 4.0)
    cucumber-wire (0.0.1)
    debug_inspector (0.0.3)
    declarative (0.0.20)
    descriptive_statistics (2.5.1)
    diff-lcs (1.3)
    docile (1.1.5)
    fakefs (0.11.3)
    faker (2.3.0)
      i18n (~> 1.6.0)
    ffi (1.9.14)
    formatador (0.2.5)
    gherkin (4.0.0)
    gruff (0.7.0)
      rmagick (~> 2.13, >= 2.13.4)
    i18n (1.6.0)
      concurrent-ruby (~> 1.0)
    interception (0.5)
    ione (1.2.4)
    json (2.3.1)
    json-schema (2.8.1)
      addressable (>= 2.4)
    little-plugger (1.1.4)
    logging (2.2.2)
      little-plugger (~> 1.1)
      multi_json (~> 1.10)
    method_source (0.9.2)
    mipper (0.1.0)
      ffi (~> 1.9)
    mongo (2.10.5)
      bson (>= 4.4.2, < 5.0.0)
    multi_json (1.12.1)
    multi_test (0.1.2)
    mysql2 (0.5.3)
    nose (0.1.4)
      cassandra-driver (~> 3.2.3, >= 3.1.0)
      faker (~> 2.3.0, >= 1.7.0)
      formatador (~> 0.2.5)
      json-schema (~> 2.8.0, >= 2.8.0)
      logging (~> 2.2.0, >= 2.2.0)
      mipper (~> 0.1.0)
      mongo (~> 2.10.0, >= 2.4.0)
      mysql2 (~> 0.5.2)
      parallel (~> 1.17.0, >= 1.11.0)
      parslet (~> 1.8.0, >= 1.8.0)
      pg (~> 0.20.0)
      pickup (~> 0.0.11)
      pry (~> 0.12.2)
      rake (~> 12.3.2, >= 12.0.0)
      rbtree (~> 0.4.2)
      representable (~> 3.0.0, >= 3.0.0)
      ruby-graphviz (~> 1.2.2, >= 1.2.0)
      ruby-mysql (~> 2.9.14, >= 2.9.0)
      sequel (~> 5.22.0, >= 4.46.0)
      smarter_csv (~> 1.2.6, >= 1.1.0)
    parallel (1.17.0)
    parslet (1.8.2)
    pg (0.20.0)
    pickup (0.0.11)
    pry (0.12.2)
      coderay (~> 1.1.0)
      method_source (~> 0.9.0)
    pry-nav (0.3.0)
      pry (>= 0.9.10, < 0.13.0)
    pry-rescue (1.4.5)
      interception (>= 0.5)
      pry
    public_suffix (4.0.5)
    rake (12.3.3)
    rbtree (0.4.2)
    representable (3.0.0)
      declarative (~> 0.0.5)
      uber (~> 0.0.15)
    rexml (3.2.4)
    rmagick (2.16.0)
    rspec (3.6.0)
      rspec-core (~> 3.6.0)
      rspec-expectations (~> 3.6.0)
      rspec-mocks (~> 3.6.0)
    rspec-collection_matchers (1.1.3)
      rspec-expectations (>= 2.99.0.beta1)
    rspec-core (3.6.0)
      rspec-support (~> 3.6.0)
    rspec-expectations (3.6.0)
      diff-lcs (>= 1.2.0, < 2.0)
      rspec-support (~> 3.6.0)
    rspec-mocks (3.6.0)
      diff-lcs (>= 1.2.0, < 2.0)
      rspec-support (~> 3.6.0)
    rspec-support (3.6.0)
    ruby-graphviz (1.2.5)
      rexml
    ruby-mysql (2.9.14)
    scrutinizer-ocular (1.0.1)
      simplecov (>= 0.7)
    sequel (5.22.0)
    simplecov (0.14.1)
      docile (~> 1.1.0)
      json (>= 1.8, < 3)
      simplecov-html (~> 0.10.0)
    simplecov-html (0.10.0)
    smarter_csv (1.2.6)
    table_print (1.5.7)
    thor (0.19.4)
    uber (0.0.15)

PLATFORMS
  ruby

DEPENDENCIES
  aruba (~> 0.14.2)
  binding_of_caller (~> 0.7.2)
  fakefs (~> 0.11.0)
  nose-cli!
  pry-nav
  pry-rescue
  rspec (~> 3.6.0, >= 3.5.0)
  rspec-collection_matchers (~> 1.1.3, >= 1.1.0)
  rspec-core (~> 3.6.0, >= 3.6.0)
  scrutinizer-ocular (~> 1.0.1, >= 1.0.0)
  simplecov (~> 0.14.1)

BUNDLED WITH
   2.1.4
