PATH
  remote: .
  specs:
    nose-cli (0.1.5)
      ansi-to-html (~> 0.0.3)
      descriptive_statistics (~> 2.5.1, >= 2.5.0)
      gruff (~> 0.7.0)
      nose (~> 0.1.1)
      representable (= 3.0.0)
      table_print (~> 1.5.6, >= 1.5.0)
      thor (~> 0.19.4)

GEM
  remote: https://rubygems.org/
  specs:
    addressable (2.5.2)
      public_suffix (>= 2.0.2, < 4.0)
    ansi-to-html (0.0.3)
    aruba (0.14.9)
      childprocess (>= 0.6.3, < 1.1.0)
      contracts (~> 0.9)
      cucumber (>= 1.3.19)
      ffi (~> 1.9)
      rspec-expectations (>= 2.99)
      thor (~> 0.19)
    backports (3.12.0)
    binding_of_caller (0.7.3)
      debug_inspector (>= 0.0.1)
    bson (4.2.1)
    builder (3.2.3)
    cassandra-driver (3.1.0)
      ione (~> 1.2)
    childprocess (1.0.1)
      rake (< 13.0)
    coderay (1.1.1)
    contracts (0.16.0)
    cucumber (3.1.2)
      builder (>= 2.1.2)
      cucumber-core (~> 3.2.0)
      cucumber-expressions (~> 6.0.1)
      cucumber-wire (~> 0.0.1)
      diff-lcs (~> 1.3)
      gherkin (~> 5.1.0)
      multi_json (>= 1.7.5, < 2.0)
      multi_test (>= 0.1.2)
    cucumber-core (3.2.1)
      backports (>= 3.8.0)
      cucumber-tag_expressions (~> 1.1.0)
      gherkin (~> 5.0)
    cucumber-expressions (6.0.1)
    cucumber-tag_expressions (1.1.1)
    cucumber-wire (0.0.1)
    debug_inspector (0.0.3)
    declarative (0.0.9)
    descriptive_statistics (2.5.1)
    diff-lcs (1.3)
    docile (1.1.5)
    fakefs (0.11.3)
    faker (1.7.3)
      i18n (~> 0.5)
    ffi (1.10.0)
    formatador (0.2.5)
    gherkin (5.1.0)
    gruff (0.7.0)
      rmagick (~> 2.13, >= 2.13.4)
    i18n (0.8.6)
    interception (0.5)
    ione (1.2.4)
    json (2.1.0)
    json-schema (2.8.0)
      addressable (>= 2.4)
    little-plugger (1.1.4)
    logging (2.2.2)
      little-plugger (~> 1.1)
      multi_json (~> 1.10)
    method_source (0.8.2)
    mipper (0.1.0)
      ffi (~> 1.9)
    mongo (2.4.1)
      bson (>= 4.2.1, < 5.0.0)
    multi_json (1.13.1)
    multi_test (0.1.2)
    mysql2 (0.4.6)
    nose (0.1.1)
      cassandra-driver (~> 3.1.0, >= 3.1.0)
      faker (~> 1.7.3, >= 1.7.0)
      formatador (~> 0.2.5)
      json-schema (~> 2.8.0, >= 2.8.0)
      logging (~> 2.2.0, >= 2.2.0)
      mipper (~> 0.1.0)
      mongo (~> 2.4.0, >= 2.4.0)
      mysql2 (~> 0.4.5)
      parallel (~> 1.11.1, >= 1.11.0)
      parslet (~> 1.8.0, >= 1.8.0)
      pg (~> 0.20.0)
      pickup (~> 0.0.11)
      pry (~> 0.10.4)
      rake (~> 12.0.0, >= 12.0.0)
      rbtree (~> 0.4.2)
      representable (~> 3.0.0, >= 3.0.0)
      ruby-graphviz (~> 1.2.2, >= 1.2.0)
      ruby-mysql (~> 2.9.14, >= 2.9.0)
      sequel (~> 4.46.0, >= 4.46.0)
      smarter_csv (~> 1.1.1, >= 1.1.0)
    parallel (1.11.2)
    parslet (1.8.0)
    pg (0.20.0)
    pickup (0.0.11)
    pry (0.10.4)
      coderay (~> 1.1.0)
      method_source (~> 0.8.1)
      slop (~> 3.4)
    pry-nav (0.2.4)
      pry (>= 0.9.10, < 0.11.0)
    pry-rescue (1.4.5)
      interception (>= 0.5)
      pry
    public_suffix (2.0.5)
    rake (12.0.0)
    rbtree (0.4.2)
    representable (3.0.0)
      declarative (~> 0.0.5)
      uber (~> 0.0.15)
    rmagick (2.16.0)
    rspec (3.6.0)
      rspec-core (~> 3.6.0)
      rspec-expectations (~> 3.6.0)
      rspec-mocks (~> 3.6.0)
    rspec-collection_matchers (1.1.3)
      rspec-expectations (>= 2.99.0.beta1)
    rspec-core (3.6.0)
      rspec-support (~> 3.6.0)
    rspec-expectations (3.6.0)
      diff-lcs (>= 1.2.0, < 2.0)
      rspec-support (~> 3.6.0)
    rspec-mocks (3.6.0)
      diff-lcs (>= 1.2.0, < 2.0)
      rspec-support (~> 3.6.0)
    rspec-support (3.6.0)
    ruby-graphviz (1.2.3)
    ruby-mysql (2.9.14)
    scrutinizer-ocular (1.0.1)
      simplecov (>= 0.7)
    sequel (4.46.0)
    simplecov (0.14.1)
      docile (~> 1.1.0)
      json (>= 1.8, < 3)
      simplecov-html (~> 0.10.0)
    simplecov-html (0.10.0)
    slop (3.6.0)
    smarter_csv (1.1.4)
    table_print (1.5.6)
    thor (0.19.4)
    uber (0.0.15)

PLATFORMS
  ruby

DEPENDENCIES
  aruba (~> 0.14.2)
  binding_of_caller (~> 0.7.2)
  fakefs (~> 0.11.0)
  nose-cli!
  pry-nav
  pry-rescue
  rspec (~> 3.6.0, >= 3.5.0)
  rspec-collection_matchers (~> 1.1.3, >= 1.1.0)
  rspec-core (~> 3.6.0, >= 3.6.0)
  scrutinizer-ocular (~> 1.0.1, >= 1.0.0)
  simplecov (~> 0.14.1)

BUNDLED WITH
   1.15.3
